GEM
  remote: https://rubygems.org/
  specs:
    asciify (0.1.0)
    colorize (0.8.1)
    diff-lcs (1.3)
    equatable (0.6.1)
    pastel (0.7.3)
      equatable (~> 0.6)
      tty-color (~> 0.5)
    rspec (3.9.0)
      rspec-core (~> 3.9.0)
      rspec-expectations (~> 3.9.0)
      rspec-mocks (~> 3.9.0)
    rspec-core (3.9.1)
      rspec-support (~> 3.9.1)
    rspec-expectations (3.9.1)
      diff-lcs (>= 1.2.0, < 2.0)
      rspec-support (~> 3.9.0)
    rspec-mocks (3.9.1)
      diff-lcs (>= 1.2.0, < 2.0)
      rspec-support (~> 3.9.0)
    rspec-support (3.9.2)
    strings (0.1.8)
      strings-ansi (~> 0.1)
      unicode-display_width (~> 1.5)
      unicode_utils (~> 1.4)
    strings-ansi (0.2.0)
    tty-box (0.5.0)
      pastel (~> 0.7.2)
      strings (~> 0.1.6)
      tty-cursor (~> 0.7)
    tty-color (0.5.1)
    tty-command (0.9.0)
      pastel (~> 0.7.0)
    tty-cursor (0.7.1)
    tty-font (0.5.0)
    tty-progressbar (0.11.0)
      tty-screen (~> 0.5.0)
    tty-screen (0.5.1)
    tty-spinner (0.9.3)
      tty-cursor (~> 0.7)
    unicode-display_width (1.7.0)
    unicode_utils (1.4.0)

PLATFORMS
  ruby

DEPENDENCIES
  asciify (~> 0.1.0)
  colorize (~> 0.8.1)
  pastel (~> 0.7.3)
  rspec (~> 3.9)
  tty-box (~> 0.5.0)
  tty-command (~> 0.9.0)
  tty-font (~> 0.5.0)
  tty-progressbar (~> 0.11.0)
  tty-spinner (~> 0.9.3)

BUNDLED WITH
   2.1.4
