GEM
  remote: https://rubygems.org/
  specs:
    asciify (0.1.0)
    colorize (0.8.1)
    diff-lcs (1.3)
    equatable (0.5.0)
    necromancer (0.3.0)
    pastel (0.7.2)
      equatable (~> 0.5.0)
      tty-color (~> 0.4.0)
    rainbow (3.0.0)
    rspec (3.9.0)
      rspec-core (~> 3.9.0)
      rspec-expectations (~> 3.9.0)
      rspec-mocks (~> 3.9.0)
    rspec-core (3.9.1)
      rspec-support (~> 3.9.1)
    rspec-expectations (3.9.1)
      diff-lcs (>= 1.2.0, < 2.0)
      rspec-support (~> 3.9.0)
    rspec-mocks (3.9.1)
      diff-lcs (>= 1.2.0, < 2.0)
      rspec-support (~> 3.9.0)
    rspec-support (3.9.2)
    terminal-table (1.8.0)
      unicode-display_width (~> 1.1, >= 1.1.1)
    tty-color (0.4.3)
    tty-cursor (0.3.0)
    tty-font (0.5.0)
    tty-progressbar (0.11.0)
      tty-screen (~> 0.5.0)
    tty-prompt (0.10.1)
      necromancer (~> 0.3.0)
      pastel (~> 0.7.0)
      tty-cursor (~> 0.3.0)
      wisper (~> 1.6.1)
    tty-screen (0.5.1)
    unicode-display_width (1.7.0)
    wisper (1.6.1)

PLATFORMS
  ruby

DEPENDENCIES
  asciify (~> 0.1.0)
  colorize (~> 0.8.1)
  pastel
  rainbow (~> 3.0)
  rspec (~> 3.9)
  terminal-table
  tty-cursor (~> 0.3.0)
  tty-font (~> 0.5.0)
  tty-progressbar (~> 0.11.0)
  tty-prompt

BUNDLED WITH
   2.1.4
