GEM
  remote: https://rubygems.org/
  specs:
    asciify (0.1.0)
    colorize (0.8.1)
    diff-lcs (1.3)
    equatable (0.6.1)
    lolcat (99.9.99)
      manpages (~> 0.6.1)
      optimist (~> 3.0.0)
      paint (~> 2.0.0)
    manpages (0.6.1)
    necromancer (0.3.0)
    optimist (3.0.1)
    paint (2.0.3)
    pastel (0.7.3)
      equatable (~> 0.6)
      tty-color (~> 0.5)
    rspec (3.9.0)
      rspec-core (~> 3.9.0)
      rspec-expectations (~> 3.9.0)
      rspec-mocks (~> 3.9.0)
    rspec-core (3.9.1)
      rspec-support (~> 3.9.1)
    rspec-expectations (3.9.1)
      diff-lcs (>= 1.2.0, < 2.0)
      rspec-support (~> 3.9.0)
    rspec-mocks (3.9.1)
      diff-lcs (>= 1.2.0, < 2.0)
      rspec-support (~> 3.9.0)
    rspec-support (3.9.2)
    tty-color (0.5.1)
    tty-cursor (0.3.0)
    tty-font (0.5.0)
    tty-progressbar (0.11.0)
      tty-screen (~> 0.5.0)
    tty-prompt (0.10.1)
      necromancer (~> 0.3.0)
      pastel (~> 0.7.0)
      tty-cursor (~> 0.3.0)
      wisper (~> 1.6.1)
    tty-screen (0.5.1)
    tty-table (0.3.0)
      equatable (~> 0.5)
      necromancer (~> 0.3)
      pastel (~> 0.4)
      tty-screen (~> 0.2)
      unicode_utils (~> 1.4.0)
      verse (~> 0.4)
    unicode-display_width (1.1.3)
    unicode_utils (1.4.0)
    verse (0.5.0)
      unicode-display_width (~> 1.1.0)
      unicode_utils (~> 1.4.0)
    wisper (1.6.1)

PLATFORMS
  ruby

DEPENDENCIES
  asciify (~> 0.1.0)
  colorize (~> 0.8.1)
  lolcat (~> 99.9, >= 99.9.20)
  pastel
  rspec (~> 3.9)
  tty-cursor (~> 0.3.0)
  tty-font (~> 0.5.0)
  tty-progressbar (~> 0.11.0)
  tty-prompt
  tty-table

BUNDLED WITH
   2.1.4
